GEM
  remote: http://rubygems.org/
  specs:
    POpen4 (0.1.4)
      Platform (>= 0.4.0)
      open4
    Platform (0.4.0)
    chunky_png (1.2.4)
    compass (0.11.5)
      chunky_png (~> 1.2)
      fssm (>= 0.2.7)
      sass (~> 3.1)
    fssm (0.2.7)
    guard (0.7.0)
      thor (~> 0.14.6)
    guard-compass (0.0.6)
      compass (>= 0.10.5)
      guard (>= 0.2.1)
    guard-haml (0.3.1)
      guard (>= 0.4)
      haml (>= 3.0)
    guard-jammit (0.2.0)
      guard
      jammit
    haml (5.0.0)
      temple (>= 0.8.0)
      tilt
    jammit (0.6.3)
      yui-compressor (>= 0.9.3)
    open4 (1.1.0)
    sass (3.1.7)
    temple (0.8.2)
    thor (0.14.6)
    tilt (2.0.10)
    yui-compressor (0.9.6)
      POpen4 (>= 0.1.4)

PLATFORMS
  ruby

DEPENDENCIES
  compass
  guard
  guard-compass
  guard-haml
  guard-jammit
  haml
  jammit
  sass
